PATH
  remote: .
  specs:
    current_template (0.1.0)

GEM
  remote: https://rubygems.org/
  specs:

PLATFORMS
  ruby

DEPENDENCIES
  current_template!

BUNDLED WITH
   1.15.3
